GEM
  remote: https://rubygems.org/
  specs:
    coderay (1.1.3)
    method_source (1.0.0)
    pastel (0.8.0)
      tty-color (~> 0.5)
    pry (0.14.1)
      coderay (~> 1.1)
      method_source (~> 1.0)
    rb-readline (0.5.5)
    strings (0.2.1)
      strings-ansi (~> 0.2)
      unicode-display_width (>= 1.5, < 3.0)
      unicode_utils (~> 1.4)
    strings-ansi (0.2.0)
    tty-color (0.6.0)
    tty-screen (0.8.1)
    tty-table (0.12.0)
      pastel (~> 0.8)
      strings (~> 0.2.0)
      tty-screen (~> 0.8)
    unicode-display_width (2.0.0)
    unicode_utils (1.4.0)

PLATFORMS
  x86_64-darwin-20

DEPENDENCIES
  pry
  rb-readline
  tty-table

BUNDLED WITH
   2.2.9
